GEM
  remote: https://rubygems.org/
  specs:
    power_assert (0.3.0)
    puma (3.4.0)
    test-unit (3.2.0)
      power_assert

PLATFORMS
  ruby

DEPENDENCIES
  puma
  test-unit

BUNDLED WITH
   1.12.5
